GIT
  remote: git://github.com/activerecord-hackery/ransack.git
  revision: 3e4b6e34abc4addc2bf258e2b51459910a03e04a
  specs:
    ransack (1.6.3)
      actionpack (>= 3.0)
      activerecord (>= 3.0)
      activesupport (>= 3.0)
      i18n
      polyamorous (~> 1.1)

GIT
  remote: https://github.com/refinery/refinerycms
  revision: 09d7e11a39c1e0a8a16a05135631db9e0830e092
  branch: master
  specs:
    refinerycms (3.0.0)
      refinerycms-authentication (= 3.0.0)
      refinerycms-core (= 3.0.0)
      refinerycms-images (= 3.0.0)
      refinerycms-pages (= 3.0.0)
      refinerycms-resources (= 3.0.0)
    refinerycms-authentication (3.0.0)
      actionmailer (>= 4.0.2, < 5.0)
      devise (~> 3.0, >= 3.2.4)
      friendly_id (~> 5.1.0)
      refinerycms-core (= 3.0.0)
    refinerycms-core (3.0.0)
      actionpack (>= 4.1.5, < 5.0)
      activerecord (>= 4.1.5, < 5.0)
      awesome_nested_set (~> 3.0.0)
      coffee-rails (~> 4.0, >= 4.0.0)
      decorators (~> 2.0.0)
      jquery-rails (>= 2.3.0)
      jquery-ui-rails (~> 5.0.0)
      railties (>= 4.1.5, < 5.0)
      refinerycms-i18n (~> 3.0.0)
      sass-rails (>= 4.0, < 5.1)
      truncate_html (~> 0.9)
      will_paginate (~> 3.0.2)
    refinerycms-images (3.0.0)
      dragonfly (~> 1.0.0)
      refinerycms-core (= 3.0.0)
    refinerycms-pages (3.0.0)
      awesome_nested_set (~> 3.0.0)
      babosa (!= 0.3.6)
      friendly_id (~> 5.1.0)
      globalize (>= 4.0.0, < 5.2)
      refinerycms-core (= 3.0.0)
      seo_meta (~> 2.0.0.rc.1)
    refinerycms-resources (3.0.0)
      acts_as_indexed (~> 0.8.0)
      dragonfly (~> 1.0.0)
      refinerycms-core (= 3.0.0)

PATH
  remote: vendor/extensions
  specs:
    refinerycms-announces (1.0)
      acts_as_indexed (~> 0.8.0)
      refinerycms-core (~> 3.0.0)
    refinerycms-blogposts (1.0)
      acts_as_indexed (~> 0.8.0)
      refinerycms-core (~> 3.0.0)
    refinerycms-forums (1.0)
      acts_as_indexed (~> 0.8.0)
      refinerycms-core (~> 3.0.0)
    refinerycms-newcasts (1.0)
      acts_as_indexed (~> 0.8.0)
      refinerycms-core (~> 3.0.0)
    refinerycms-testimonials (1.0)
      acts_as_indexed (~> 0.8.0)
      refinerycms-core (~> 3.0.0)

GEM
  remote: https://rubygems.org/
  specs:
    actionmailer (4.1.5)
      actionpack (= 4.1.5)
      actionview (= 4.1.5)
      mail (~> 2.5.4)
    actionpack (4.1.5)
      actionview (= 4.1.5)
      activesupport (= 4.1.5)
      rack (~> 1.5.2)
      rack-test (~> 0.6.2)
    actionview (4.1.5)
      activesupport (= 4.1.5)
      builder (~> 3.1)
      erubis (~> 2.7.0)
    activemodel (4.1.5)
      activesupport (= 4.1.5)
      builder (~> 3.1)
    activerecord (4.1.5)
      activemodel (= 4.1.5)
      activesupport (= 4.1.5)
      arel (~> 5.0.0)
    activesupport (4.1.5)
      i18n (~> 0.6, >= 0.6.9)
      json (~> 1.7, >= 1.7.7)
      minitest (~> 5.1)
      thread_safe (~> 0.1)
      tzinfo (~> 1.1)
    acts_as_indexed (0.8.3)
    addressable (2.3.7)
    ads-rails (0.2.1)
      rails (>= 4.0.0, <= 4.2.0)
    alphabetical_paginate (2.2.3)
    arel (5.0.1.20140414130214)
    awesome_nested_set (3.0.2)
      activerecord (>= 4.0.0, < 5)
    babosa (1.0.2)
    bcrypt (3.1.10)
    builder (3.2.2)
    coderay (1.1.0)
    coffee-rails (4.0.1)
      coffee-script (>= 2.2.0)
      railties (>= 4.0.0, < 5.0)
    coffee-script (2.3.0)
      coffee-script-source
      execjs
    coffee-script-source (1.9.1)
    decorators (2.0.0)
      railties (>= 4.0.0, < 5.0.0)
    devise (3.4.1)
      bcrypt (~> 3.0)
      orm_adapter (~> 0.1)
      railties (>= 3.2.6, < 5)
      responders
      thread_safe (~> 0.1)
      warden (~> 1.2.3)
    dragonfly (1.0.7)
      addressable (~> 2.3)
      multi_json (~> 1.0)
      rack
    erubis (2.7.0)
    execjs (2.3.0)
    faraday (0.9.1)
      multipart-post (>= 1.2, < 3)
    friendly_id (5.1.0)
      activerecord (>= 4.0.0)
    globalize (4.0.3)
      activemodel (>= 4.0.0, < 5)
      activerecord (>= 4.0.0, < 5)
    hashie (3.4.0)
    hike (1.2.3)
    i18n (0.7.0)
    jbuilder (2.2.9)
      activesupport (>= 3.0.0, < 5)
      multi_json (~> 1.2)
    jquery-rails (3.1.2)
      railties (>= 3.0, < 5.0)
      thor (>= 0.14, < 2.0)
    jquery-ui-rails (5.0.3)
      railties (>= 3.2.16)
    json (1.8.2)
    jwt (1.3.0)
    kgio (2.9.3)
    mail (2.5.4)
      mime-types (~> 1.16)
      treetop (~> 1.4.8)
    meta-tags (2.0.0)
      actionpack (>= 3.0.0)
    method_source (0.8.2)
    mime-types (1.25.1)
    minitest (5.5.1)
    multi_json (1.10.1)
    multi_xml (0.5.5)
    multipart-post (2.0.0)
    nprogress-rails (0.1.6.6)
    oauth (0.4.7)
    oauth2 (1.0.0)
      faraday (>= 0.8, < 0.10)
      jwt (~> 1.0)
      multi_json (~> 1.3)
      multi_xml (~> 0.5)
      rack (~> 1.2)
    omniauth (1.2.2)
      hashie (>= 1.2, < 4)
      rack (~> 1.0)
    omniauth-facebook (2.0.1)
      omniauth-oauth2 (~> 1.2)
    omniauth-gplus (2.0.1)
      omniauth-oauth2 (~> 1.1)
    omniauth-linkedin (0.2.0)
      omniauth-oauth (~> 1.0)
    omniauth-oauth (1.0.1)
      oauth
      omniauth (~> 1.0)
    omniauth-oauth2 (1.2.0)
      faraday (>= 0.8, < 0.10)
      multi_json (~> 1.3)
      oauth2 (~> 1.0)
      omniauth (~> 1.2)
    omniauth-twitter (1.1.0)
      multi_json (~> 1.3)
      omniauth-oauth (~> 1.0)
    orm_adapter (0.5.0)
    owlcarousel-rails (1.1.3.3)
      jquery-rails
    pg (0.17.1)
    polyamorous (1.1.0)
      activerecord (>= 3.0)
    polyglot (0.3.5)
    pry (0.10.1)
      coderay (~> 1.1.0)
      method_source (~> 0.8.1)
      slop (~> 3.4)
    pry-nav (0.2.4)
      pry (>= 0.9.10, < 0.11.0)
    quiet_assets (1.1.0)
      railties (>= 3.1, < 5.0)
    rack (1.5.2)
    rack-test (0.6.3)
      rack (>= 1.0)
    rails (4.1.5)
      actionmailer (= 4.1.5)
      actionpack (= 4.1.5)
      actionview (= 4.1.5)
      activemodel (= 4.1.5)
      activerecord (= 4.1.5)
      activesupport (= 4.1.5)
      bundler (>= 1.3.0, < 2.0)
      railties (= 4.1.5)
      sprockets-rails (~> 2.0)
    rails-i18n (4.0.4)
      i18n (~> 0.6)
      railties (~> 4.0)
    railties (4.1.5)
      actionpack (= 4.1.5)
      activesupport (= 4.1.5)
      rake (>= 0.8.7)
      thor (>= 0.18.1, < 2.0)
    raindrops (0.13.0)
    rake (10.4.2)
    rdoc (4.2.0)
      json (~> 1.4)
    refinerycms-acts-as-indexed (2.0.1)
      acts_as_indexed (~> 0.8.0)
      decorators (~> 2.0.0)
      refinerycms-core (~> 3.0.0)
    refinerycms-i18n (3.0.1)
      rails-i18n (~> 4.0.1)
      routing-filter (>= 0.4.0)
    refinerycms-wymeditor (1.0.6)
      refinerycms-core (~> 3.0, >= 3.0.0)
    responders (1.1.2)
      railties (>= 3.2, < 4.2)
    routing-filter (0.4.0.1)
      actionpack (< 4.2)
    sass (3.2.19)
    sass-rails (4.0.5)
      railties (>= 4.0.0, < 5.0)
      sass (~> 3.2.2)
      sprockets (~> 2.8, < 3.0)
      sprockets-rails (~> 2.0)
    sdoc (0.4.1)
      json (~> 1.7, >= 1.7.7)
      rdoc (~> 4.0)
    seo_meta (2.0.0.rc.1)
      railties (>= 3.0.0)
    shareable (1.1.4)
      actionpack (>= 3.0.0)
      activesupport (>= 3.0.0)
    slop (3.6.0)
    spring (1.3.3)
    sprockets (2.12.3)
      hike (~> 1.2)
      multi_json (~> 1.0)
      rack (~> 1.0)
      tilt (~> 1.1, != 1.3.0)
    sprockets-rails (2.2.4)
      actionpack (>= 3.0)
      activesupport (>= 3.0)
      sprockets (>= 2.8, < 4.0)
    thor (0.19.1)
    thread_safe (0.3.4)
    tilt (1.4.1)
    treetop (1.4.15)
      polyglot
      polyglot (>= 0.3.1)
    truncate_html (0.9.3)
    turbolinks (2.5.3)
      coffee-rails
    tzinfo (1.2.2)
      thread_safe (~> 0.1)
    uglifier (2.7.1)
      execjs (>= 0.3.0)
      json (>= 1.8.0)
    unicorn (4.8.3)
      kgio (~> 2.6)
      rack
      raindrops (~> 0.7)
    warden (1.2.3)
      rack (>= 1.0)
    will_paginate (3.0.7)

PLATFORMS
  ruby

DEPENDENCIES
  ads-rails (~> 0.2.0)
  alphabetical_paginate
  bcrypt
  coffee-rails (~> 4.0.0)
  dragonfly (~> 1.0.7)
  jbuilder (~> 2.0)
  jquery-rails
  meta-tags
  nprogress-rails
  omniauth
  omniauth-facebook
  omniauth-gplus (~> 2.0)
  omniauth-linkedin
  omniauth-twitter
  owlcarousel-rails
  pg (= 0.17.1)
  pry
  pry-nav
  quiet_assets
  rails (= 4.1.5)
  ransack!
  refinerycms!
  refinerycms-acts-as-indexed (~> 2.0, >= 2.0.0)
  refinerycms-announces!
  refinerycms-blogposts!
  refinerycms-forums!
  refinerycms-newcasts!
  refinerycms-testimonials!
  refinerycms-wymeditor (~> 1.0, >= 1.0.6)
  sass-rails (~> 4.0.3)
  sdoc (~> 0.4.0)
  shareable
  spring
  turbolinks
  uglifier (>= 1.3.0)
  unicorn
  will_paginate (~> 3.0.6)
